GIT
  remote: git://github.com/igrigorik/em-websocket.git
  revision: 8d899d1def2c5583602d32f848e003a61b59b9c3
  specs:
    em-websocket (0.5.1)
      eventmachine (>= 0.12.9)
      http_parser.rb (~> 0.6.0)

GIT
  remote: git://github.com/mcfiredrill/cinch.git
  revision: 9048bcae3ddfce58480856d73478dbd26baf9c5c
  branch: web-irc
  specs:
    cinch (2.1.0)

GEM
  remote: https://rubygems.org/
  specs:
    byebug (2.7.0)
      columnize (~> 0.3)
      debugger-linecache (~> 1.2)
    columnize (0.3.6)
    debugger-linecache (1.2.0)
    diff-lcs (1.2.5)
    em-hiredis (0.2.1)
      hiredis (~> 0.4.0)
    eventmachine (1.0.3)
    hiredis (0.4.5)
    http_parser.rb (0.6.0)
    rack (1.5.2)
    redis (3.0.7)
    rspec (2.14.1)
      rspec-core (~> 2.14.0)
      rspec-expectations (~> 2.14.0)
      rspec-mocks (~> 2.14.0)
    rspec-core (2.14.8)
    rspec-expectations (2.14.5)
      diff-lcs (>= 1.1.3, < 2.0)
    rspec-mocks (2.14.6)

PLATFORMS
  ruby

DEPENDENCIES
  byebug
  cinch!
  em-hiredis
  em-websocket!
  rack
  redis
  rspec
