GEM
  remote: https://rubygems.org/
  specs:
    cinch (2.1.0)
    em-hiredis (0.2.1)
      hiredis (~> 0.4.0)
    em-websocket (0.5.1)
      eventmachine (>= 0.12.9)
      http_parser.rb (~> 0.6.0)
    eventmachine (1.0.3)
    hiredis (0.4.5)
    http_parser.rb (0.6.0)
    rack (1.5.2)
    redis (3.0.7)

PLATFORMS
  ruby

DEPENDENCIES
  cinch
  em-hiredis
  em-websocket
  rack
  redis
